PATH
  remote: .
  specs:
    attr_vault (2.1.0)
      pg (>= 0.18)
      sequel (>= 4.13, < 6.0)

GEM
  remote: https://rubygems.org/
  specs:
    diff-lcs (1.2.5)
    pg (1.0.0)
    rspec (3.1.0)
      rspec-core (~> 3.1.0)
      rspec-expectations (~> 3.1.0)
      rspec-mocks (~> 3.1.0)
    rspec-core (3.1.7)
      rspec-support (~> 3.1.0)
    rspec-expectations (3.1.2)
      diff-lcs (>= 1.2.0, < 2.0)
      rspec-support (~> 3.1.0)
    rspec-mocks (3.1.3)
      rspec-support (~> 3.1.0)
    rspec-support (3.1.2)
    sequel (5.7.1)

PLATFORMS
  ruby

DEPENDENCIES
  attr_vault!
  rspec (~> 3.0)

RUBY VERSION
   ruby 2.4.2p198

BUNDLED WITH
   1.16.1
