PATH
  remote: .
  specs:
    attr_vault (2.1.1)
      pg (>= 0.18)
      sequel (>= 4.13, < 6.0)

GEM
  remote: https://rubygems.org/
  specs:
    diff-lcs (1.3)
    pg (1.2.3)
    rspec (3.9.0)
      rspec-core (~> 3.9.0)
      rspec-expectations (~> 3.9.0)
      rspec-mocks (~> 3.9.0)
    rspec-core (3.9.2)
      rspec-support (~> 3.9.3)
    rspec-expectations (3.9.2)
      diff-lcs (>= 1.2.0, < 2.0)
      rspec-support (~> 3.9.0)
    rspec-mocks (3.9.1)
      diff-lcs (>= 1.2.0, < 2.0)
      rspec-support (~> 3.9.0)
    rspec-support (3.9.3)
    sequel (5.32.0)

PLATFORMS
  ruby

DEPENDENCIES
  attr_vault!
  rspec (~> 3.0)

RUBY VERSION
   ruby 2.7.1p83

BUNDLED WITH
   2.1.4
